PATH
  remote: .
  specs:
    oql (0.1.0)
      parslet (~> 1.6)
      rspec (~> 3.1)

GEM
  remote: https://rubygems.org/
  specs:
    blankslate (3.1.3)
    diff-lcs (1.2.5)
    parslet (1.6.2)
      blankslate (>= 2.0, <= 4.0)
    rake (10.3.2)
    rspec (3.1.0)
      rspec-core (~> 3.1.0)
      rspec-expectations (~> 3.1.0)
      rspec-mocks (~> 3.1.0)
    rspec-core (3.1.7)
      rspec-support (~> 3.1.0)
    rspec-expectations (3.1.2)
      diff-lcs (>= 1.2.0, < 2.0)
      rspec-support (~> 3.1.0)
    rspec-mocks (3.1.3)
      rspec-support (~> 3.1.0)
    rspec-support (3.1.2)

PLATFORMS
  x86-mingw32

DEPENDENCIES
  bundler (~> 1.7)
  oql!
  rake (~> 10.0)
